GEM
  remote: http://rubygems.org/
  specs:
    capybara (1.1.2)
      mime-types (>= 1.16)
      nokogiri (>= 1.3.3)
      rack (>= 1.0.0)
      rack-test (>= 0.5.4)
      selenium-webdriver (~> 2.0)
      xpath (~> 0.1.4)
    capybara-screenshot (0.1.10)
      capybara (>= 1.0)
    capybara-webkit (0.10.1)
      capybara (>= 1.0.0, < 1.2)
      json
    childprocess (0.3.1)
      ffi (~> 1.0.6)
    diff-lcs (1.1.3)
    ffi (1.0.11)
    json (1.6.5)
    mime-types (1.17.2)
    multi_json (1.1.0)
    nokogiri (1.5.2)
    rack (1.4.1)
    rack-test (0.6.1)
      rack (>= 1.0)
    rspec (2.8.0)
      rspec-core (~> 2.8.0)
      rspec-expectations (~> 2.8.0)
      rspec-mocks (~> 2.8.0)
    rspec-core (2.8.0)
    rspec-expectations (2.8.0)
      diff-lcs (~> 1.1.2)
    rspec-mocks (2.8.0)
    rubyzip (0.9.6.1)
    selenium-webdriver (2.20.0)
      childprocess (>= 0.2.5)
      ffi (~> 1.0)
      multi_json (~> 1.0)
      rubyzip
    xpath (0.1.4)
      nokogiri (~> 1.3)

PLATFORMS
  ruby

DEPENDENCIES
  capybara (~> 1.1)
  capybara-screenshot (~> 0.1)
  capybara-webkit (~> 0.10)
  rspec (~> 2.8)
